GEM
  remote: https://rubygems.org/
  specs:
    commonmarker (0.16.0)
      ruby-enum (~> 0.5)
    github-markup (1.6.0)
    i18n (0.8.4)
    ruby-enum (0.7.1)
      i18n

PLATFORMS
  ruby

DEPENDENCIES
  commonmarker
  github-markup

BUNDLED WITH
   2.1.4
